GIT
  remote: https://github.com/lsegal/yard
  revision: b51bf260adf6d4ed80c5d25ba5e027375ffbd495
  specs:
    yard (0.9.28)

GIT
  remote: https://github.com/pboling/simplecov-rcov
  revision: 7a54f35d04e2bdb1052be698f00d6c7cc35ea529
  branch: patch-1
  specs:
    simplecov-rcov (0.3.1)
      simplecov (>= 0.4.1)

PATH
  remote: .
  specs:
    rspec-block_is_expected (1.0.5)

GEM
  remote: https://rubygems.org/
  specs:
    ast (2.4.2)
    diff-lcs (1.5.0)
    diffy (3.4.2)
    docile (1.4.0)
    json (2.6.3)
    language_server-protocol (3.17.0.3)
    parallel (1.22.1)
    parser (3.2.2.0)
      ast (~> 2.4.1)
    rainbow (3.1.1)
    rake (13.0.6)
    regexp_parser (2.7.0)
    rexml (3.2.5)
    rspec (3.12.0)
      rspec-core (~> 3.12.0)
      rspec-expectations (~> 3.12.0)
      rspec-mocks (~> 3.12.0)
    rspec-core (3.12.1)
      rspec-support (~> 3.12.0)
    rspec-expectations (3.12.2)
      diff-lcs (>= 1.2.0, < 2.0)
      rspec-support (~> 3.12.0)
    rspec-mocks (3.12.5)
      diff-lcs (>= 1.2.0, < 2.0)
      rspec-support (~> 3.12.0)
    rspec-pending_for (0.1.16)
      rspec-core
      ruby_engine (>= 1, < 3)
      ruby_version (~> 1.0)
    rspec-support (3.12.0)
    rubocop (1.48.1)
      json (~> 2.3)
      parallel (~> 1.10)
      parser (>= 3.2.0.0)
      rainbow (>= 2.2.2, < 4.0)
      regexp_parser (>= 1.8, < 3.0)
      rexml (>= 3.2.5, < 4.0)
      rubocop-ast (>= 1.26.0, < 2.0)
      ruby-progressbar (~> 1.7)
      unicode-display_width (>= 2.4.0, < 3.0)
    rubocop-ast (1.28.0)
      parser (>= 3.2.1.0)
    rubocop-capybara (2.17.1)
      rubocop (~> 1.41)
    rubocop-gradual (0.3.1)
      diff-lcs (>= 1.2.0, < 2.0)
      diffy (~> 3.0)
      parallel (~> 1.10)
      rainbow (>= 2.2.2, < 4.0)
      rubocop (~> 1.0)
    rubocop-lts (18.1.0)
      rubocop-ruby2_7 (~> 1.1.3)
    rubocop-md (1.2.0)
      rubocop (>= 1.0)
    rubocop-packaging (0.5.2)
      rubocop (>= 1.33, < 2.0)
    rubocop-performance (1.16.0)
      rubocop (>= 1.7.0, < 2.0)
      rubocop-ast (>= 0.4.0)
    rubocop-rake (0.6.0)
      rubocop (~> 1.0)
    rubocop-rspec (2.19.0)
      rubocop (~> 1.33)
      rubocop-capybara (~> 2.17)
    rubocop-ruby2_7 (1.1.3)
      rubocop (~> 1.48.1)
    rubocop-shopify (2.12.0)
      rubocop (~> 1.44)
    rubocop-thread_safety (0.5.1)
      rubocop (>= 0.90.0)
    ruby-progressbar (1.13.0)
    ruby_engine (2.0.0)
    ruby_version (1.0.2)
    simplecov (0.22.0)
      docile (~> 1.1)
      simplecov-html (~> 0.11)
      simplecov_json_formatter (~> 0.1)
    simplecov-cobertura (2.1.0)
      rexml
      simplecov (~> 0.19)
    simplecov-html (0.12.3)
    simplecov-json (0.2.3)
      json
      simplecov
    simplecov-lcov (0.8.0)
    simplecov_json_formatter (0.1.4)
    standard (1.25.5)
      language_server-protocol (~> 3.17.0.2)
      rubocop (~> 1.48.1)
      rubocop-performance (~> 1.16.0)
    unicode-display_width (2.4.2)

PLATFORMS
  arm64-darwin-22

DEPENDENCIES
  rake (~> 13.0)
  rspec (~> 3.8)
  rspec-block_is_expected!
  rspec-pending_for (~> 0.1)
  rubocop-gradual (~> 0.3)
  rubocop-lts (~> 18.0)
  rubocop-md (~> 1.2)
  rubocop-packaging (~> 0.5)
  rubocop-performance (~> 1.16)
  rubocop-rake (~> 0.6)
  rubocop-rspec (~> 2.19)
  rubocop-shopify (~> 2.12)
  rubocop-thread_safety (~> 0.5)
  simplecov (~> 0.22)
  simplecov-cobertura (~> 2.1)
  simplecov-json (~> 0.2)
  simplecov-lcov (~> 0.8)
  simplecov-rcov!
  standard (~> 1.25)
  yard!

BUNDLED WITH
   2.4.10
