PATH
  remote: .
  specs:
    rspec-block_is_expected (1.0.4)
      rspec-core

GEM
  remote: https://rubygems.org/
  specs:
    appraisal (2.4.1)
      bundler
      rake
      thor (>= 0.14.0)
    ast (2.4.2)
    byebug (10.0.2)
    coderay (1.1.3)
    diff-lcs (1.5.0)
    docile (1.4.0)
    json (2.6.3)
    method_source (1.0.0)
    parallel (1.22.1)
    parser (3.2.1.1)
      ast (~> 2.4.1)
    pry (0.14.2)
      coderay (~> 1.1)
      method_source (~> 1.0)
    pry-byebug (3.6.0)
      byebug (~> 10.0)
      pry (~> 0.10)
    rainbow (3.1.1)
    rake (13.0.6)
    regexp_parser (2.7.0)
    rexml (3.2.5)
    rspec (3.12.0)
      rspec-core (~> 3.12.0)
      rspec-expectations (~> 3.12.0)
      rspec-mocks (~> 3.12.0)
    rspec-core (3.12.1)
      rspec-support (~> 3.12.0)
    rspec-expectations (3.12.2)
      diff-lcs (>= 1.2.0, < 2.0)
      rspec-support (~> 3.12.0)
    rspec-mocks (3.12.4)
      diff-lcs (>= 1.2.0, < 2.0)
      rspec-support (~> 3.12.0)
    rspec-pending_for (0.1.16)
      rspec-core
      ruby_engine (>= 1, < 3)
      ruby_version (~> 1.0)
    rspec-support (3.12.0)
    rubocop (1.48.1)
      json (~> 2.3)
      parallel (~> 1.10)
      parser (>= 3.2.0.0)
      rainbow (>= 2.2.2, < 4.0)
      regexp_parser (>= 1.8, < 3.0)
      rexml (>= 3.2.5, < 4.0)
      rubocop-ast (>= 1.26.0, < 2.0)
      ruby-progressbar (~> 1.7)
      unicode-display_width (>= 2.4.0, < 3.0)
    rubocop-ast (1.27.0)
      parser (>= 3.2.1.0)
    rubocop-lts (18.1.0)
      rubocop-ruby2_7 (~> 1.1.3)
    rubocop-md (1.2.0)
      rubocop (>= 1.0)
    rubocop-rake (0.6.0)
      rubocop (~> 1.0)
    rubocop-rspec (1.42.0)
      rubocop (>= 0.87.0)
    rubocop-ruby2_7 (1.1.3)
      rubocop (~> 1.48.1)
    ruby-progressbar (1.13.0)
    ruby_engine (2.0.0)
    ruby_version (1.0.2)
    simplecov (0.22.0)
      docile (~> 1.1)
      simplecov-html (~> 0.11)
      simplecov_json_formatter (~> 0.1)
    simplecov-html (0.12.3)
    simplecov_json_formatter (0.1.4)
    thor (1.2.1)
    unicode-display_width (2.4.2)
    wwtd (1.4.1)

PLATFORMS
  arm64-darwin-22

DEPENDENCIES
  appraisal
  bundler
  byebug (~> 10)
  pry (~> 0)
  pry-byebug (~> 3)
  rake
  rspec (~> 3.8)
  rspec-block_is_expected!
  rspec-pending_for (~> 0.1)
  rubocop-lts (~> 18.0)
  rubocop-md
  rubocop-rake
  rubocop-rspec (~> 1.42)
  simplecov (~> 0)
  wwtd

BUNDLED WITH
   2.4.9
